GEM
  remote: http://rubygems.org/
  specs:
    activesupport (3.0.7)
    addressable (2.2.5)
    configuration (1.2.0)
    daemons (1.1.3)
    em-dir-watcher (0.9.4)
    em-websocket (0.2.1)
      addressable (>= 2.1.1)
      eventmachine (>= 0.12.9)
    eventmachine (0.12.10)
    github (0.6.2)
      highline (~> 1.5.1)
      json_pure (~> 1.5.1)
      launchy (~> 0.3.7)
      text-format (= 1.0.0)
      text-hyphen (= 1.0.0)
    highline (1.5.2)
    i18n (0.4.2)
    json_pure (1.5.1)
    launchy (0.3.7)
      configuration (>= 0.0.5)
      rake (>= 0.8.1)
    livereload (1.6)
      em-dir-watcher (>= 0.1)
      em-websocket (>= 0.1.2)
      ruby-json (>= 1.1.2)
    rack (1.2.2)
    rake (0.8.7)
    rb-appscript (0.6.1)
    rb-fsevent (0.4.0)
    ruby-json (1.1.2)
    serve (1.0.0)
      activesupport (~> 3.0.1)
      i18n (~> 0.4.1)
      rack (~> 1.2.1)
      tzinfo (~> 0.3.23)
    terminitor (0.5.2)
      github (~> 0.6.2)
      rb-appscript (~> 0.6.1)
      thor (~> 0.14.0)
    text-format (1.0.0)
      text-hyphen (~> 1.0.0)
    text-hyphen (1.0.0)
    thin (1.2.11)
      daemons (>= 1.0.9)
      eventmachine (>= 0.12.6)
      rack (>= 1.0.0)
    thor (0.14.6)
    tzinfo (0.3.27)

PLATFORMS
  ruby

DEPENDENCIES
  livereload (>= 1.6)
  rb-fsevent
  serve
  terminitor
  thin
